GEM
  remote: http://rubygems.org/
  specs:
    Saikuro (1.1.0)
    actionmailer (2.3.9)
      actionpack (= 2.3.9)
    actionpack (2.3.9)
      activesupport (= 2.3.9)
      rack (~> 1.1.0)
    activerecord (2.3.9)
      activesupport (= 2.3.9)
    activeresource (2.3.9)
      activesupport (= 2.3.9)
    activesupport (2.3.9)
    arrayfields (4.7.4)
    capistrano (2.5.19)
      highline
      net-scp (>= 1.0.0)
      net-sftp (>= 2.0.0)
      net-ssh (>= 2.0.14)
      net-ssh-gateway (>= 1.0.0)
    chronic (0.2.3)
      hoe (>= 1.2.1)
    churn (0.0.12)
      chronic (~> 0.2.3)
      hirb
      json_pure
      main
      ruby_parser (~> 2.0.4)
      sexp_processor (~> 3.0.3)
    coderay (0.9.4)
    devise (1.0.8)
      warden (~> 0.10.3)
    fattr (2.1.0)
    flay (1.4.1)
      ruby_parser (~> 2.0)
      sexp_processor (~> 3.0)
    flog (2.2.0)
      ruby_parser (~> 2.0)
      sexp_processor (~> 3.0)
    gravtastic (2.2.0)
    haml (3.0.12)
    highline (1.6.1)
    hirb (0.3.3)
    hoe (2.6.2)
      rake (>= 0.8.7)
      rubyforge (>= 2.0.4)
    json_pure (1.4.6)
    main (4.2.0)
      arrayfields (>= 4.7.4)
      fattr (>= 2.1.0)
    metric_fu (1.3.0)
      Saikuro (>= 1.1.0)
      activesupport (>= 2.2.3)
      chronic (>= 0.2.3)
      churn (>= 0.0.7)
      flay (>= 1.2.1)
      flog (= 2.2.0)
      rcov (>= 0.8.3.3)
    mysql (2.8.1)
    net-scp (1.0.3)
      net-ssh (>= 1.99.1)
    net-sftp (2.0.5)
      net-ssh (>= 2.0.9)
    net-ssh (2.0.23)
    net-ssh-gateway (1.0.1)
      net-ssh (>= 1.99.1)
    paperclip (2.3.1.1)
    rack (1.1.0)
    rails (2.3.9)
      actionmailer (= 2.3.9)
      actionpack (= 2.3.9)
      activerecord (= 2.3.9)
      activeresource (= 2.3.9)
      activesupport (= 2.3.9)
      rake (>= 0.8.3)
    rake (0.8.7)
    rcov (0.9.8)
    recaptcha (0.2.3)
    ruby_parser (2.0.5)
      sexp_processor (~> 3.0)
    rubyforge (2.0.4)
      json_pure (>= 1.1.7)
    sexp_processor (3.0.5)
    sexy_bookmarks (0.1.1)
    sqlite3-ruby (1.3.1)
    tlsmail (0.0.1)
    warden (0.10.7)
      rack (>= 1.0.0)
    will_paginate (2.3.14)

PLATFORMS
  ruby

DEPENDENCIES
  capistrano
  coderay
  devise (= 1.0.8)
  gravtastic (>= 2.1.0)
  haml (= 3.0.12)
  metric_fu (= 1.3.0)
  mysql
  paperclip (= 2.3.1.1)
  rails (~> 2.3.9)
  recaptcha
  sexy_bookmarks (= 0.1.1)
  sqlite3-ruby
  tlsmail
  will_paginate (~> 2.3.11)
